GEM
  remote: http://rubygems.org/
  specs:
    browser (0.1.6)
    daemons (1.1.9)
    eventmachine (1.0.1)
    foreman (0.61.0)
      thor (>= 0.13.6)
    haml (4.0.0)
      tilt
    libv8 (3.11.8.13)
    nokogiri (1.5.6)
    parse-cron (0.1.2)
    pg (0.14.1)
    rack (1.5.2)
    ref (1.0.2)
    therubyracer (0.11.4)
      libv8 (~> 3.11.8.12)
      ref
    thin (1.5.0)
      daemons (>= 1.0.9)
      eventmachine (>= 0.12.6)
      rack (>= 1.0.0)
    thor (0.17.0)
    tilt (1.3.4)
    yajl-ruby (1.1.0)

PLATFORMS
  ruby

DEPENDENCIES
  browser
  foreman
  haml
  nokogiri
  parse-cron
  pg
  therubyracer
  thin
  yajl-ruby
